NUGET
  remote: https://www.nuget.org/api/v2
  specs:
    FAKE (3.12.2)
    FsCheck (0.9.2.0)
    FSharp.Charting (0.90.6)
    FSharp.Core (3.1.2.1)
    FSharpx.Core (1.8.41)
    Gallio_MbUnit (3.4.14.0)
    NuGet.CommandLine (2.8.3)
    NUnit (2.6.2)
    PerfUtil (0.1.5)
