NUGET
  remote: https://www.nuget.org/api/v2
  specs:
    FAKE (3.12.2)
    FsCheck (1.0.4)
    FSharp.Charting (0.90.9)
    FSharp.Core (3.1.2.1)
    FSharpx.Core (1.8.41)
    Gallio_MbUnit (3.4.14.0)
    NuGet.CommandLine (2.8.3)
    NUnit (2.6.4)
    PerfUtil (0.1.8)
